GEM
  remote: http://ruby.taobao.org/
  specs:
    jruby-rack (1.1.18)
    json (1.8.2-java)
    rack (1.6.1)
    rack-protection (1.5.3)
      rack
    rubytree (0.9.4)
      json (~> 1.8)
      structured_warnings (~> 0.1)
    sinatra (1.4.6)
      rack (~> 1.4)
      rack-protection (~> 1.4)
      tilt (>= 1.3, < 3)
    structured_warnings (0.2.0)
    tilt (2.0.1)
    trinidad (1.4.6)
      jruby-rack (~> 1.1.13)
      trinidad_jars (>= 1.3.0, < 1.5.0)
    trinidad_jars (1.4.1)

PLATFORMS
  java

DEPENDENCIES
  jruby-rack (~> 1.1.18)
  rubytree (~> 0.9.4)
  sinatra
  trinidad
